GEM
  remote: https://rubygems.org/
  specs:
    actioncable (7.0.0)
      actionpack (= 7.0.0)
      activesupport (= 7.0.0)
      nio4r (~> 2.0)
      websocket-driver (>= 0.6.1)
    actionmailbox (7.0.0)
      actionpack (= 7.0.0)
      activejob (= 7.0.0)
      activerecord (= 7.0.0)
      activestorage (= 7.0.0)
      activesupport (= 7.0.0)
      mail (>= 2.7.1)
    actionmailer (7.0.0)
      actionpack (= 7.0.0)
      actionview (= 7.0.0)
      activejob (= 7.0.0)
      activesupport (= 7.0.0)
      mail (~> 2.5, >= 2.5.4)
      rails-dom-testing (~> 2.0)
    actionpack (7.0.0)
      actionview (= 7.0.0)
      activesupport (= 7.0.0)
      rack (~> 2.0, >= 2.2.0)
      rack-test (>= 0.6.3)
      rails-dom-testing (~> 2.0)
      rails-html-sanitizer (~> 1.0, >= 1.2.0)
    actiontext (7.0.0)
      actionpack (= 7.0.0)
      activerecord (= 7.0.0)
      activestorage (= 7.0.0)
      activesupport (= 7.0.0)
      globalid (>= 0.6.0)
      nokogiri (>= 1.8.5)
    actionview (7.0.0)
      activesupport (= 7.0.0)
      builder (~> 3.1)
      erubi (~> 1.4)
      rails-dom-testing (~> 2.0)
      rails-html-sanitizer (~> 1.1, >= 1.2.0)
    active_storage_validations (1.0.3)
      activejob (>= 5.2.0)
      activemodel (>= 5.2.0)
      activestorage (>= 5.2.0)
      activesupport (>= 5.2.0)
    activejob (7.0.0)
      activesupport (= 7.0.0)
      globalid (>= 0.3.6)
    activemodel (7.0.0)
      activesupport (= 7.0.0)
    activerecord (7.0.0)
      activemodel (= 7.0.0)
      activesupport (= 7.0.0)
    activestorage (7.0.0)
      actionpack (= 7.0.0)
      activejob (= 7.0.0)
      activerecord (= 7.0.0)
      activesupport (= 7.0.0)
      marcel (~> 1.0)
      mini_mime (>= 1.1.0)
    activesupport (7.0.0)
      concurrent-ruby (~> 1.0, >= 1.0.2)
      i18n (>= 1.6, < 2)
      minitest (>= 5.1)
      tzinfo (~> 2.0)
    addressable (2.8.1)
      public_suffix (>= 2.0.2, < 6.0)
    autoprefixer-rails (10.4.7.0)
      execjs (~> 2)
    bcrypt (3.1.18)
    bindex (0.8.1)
    bootsnap (1.15.0)
      msgpack (~> 1.2)
    bootstrap-sass (3.4.1)
      autoprefixer-rails (>= 5.2.1)
      sassc (>= 2.0.0)
    bootstrap-will_paginate (1.0.0)
      will_paginate
    builder (3.2.4)
    byebug (11.1.3)
    capybara (3.38.0)
      addressable
      matrix
      mini_mime (>= 0.1.3)
      nokogiri (~> 1.8)
      rack (>= 1.6.0)
      rack-test (>= 0.6.3)
      regexp_parser (>= 1.5, < 3.0)
      xpath (~> 3.2)
    coffee-rails (5.0.0)
      coffee-script (>= 2.2.0)
      railties (>= 5.2.0)
    coffee-script (2.4.1)
      coffee-script-source
      execjs
    coffee-script-source (1.12.2)
    concurrent-ruby (1.2.0)
    crass (1.0.6)
    date (3.3.3)
    erubi (1.12.0)
    execjs (2.8.1)
    faker (3.1.0)
      i18n (>= 1.8.11, < 2)
    ffi (1.15.5)
    globalid (1.0.1)
      activesupport (>= 5.0)
    i18n (1.12.0)
      concurrent-ruby (~> 1.0)
    image_processing (1.12.2)
      mini_magick (>= 4.9.5, < 5)
      ruby-vips (>= 2.0.17, < 3)
    jbuilder (2.11.5)
      actionview (>= 5.0.0)
      activesupport (>= 5.0.0)
    jquery-rails (4.5.1)
      rails-dom-testing (>= 1, < 3)
      railties (>= 4.2.0)
      thor (>= 0.14, < 2.0)
    json (1.8.6)
    listen (3.1.5)
      rb-fsevent (~> 0.9, >= 0.9.4)
      rb-inotify (~> 0.9, >= 0.9.7)
      ruby_dep (~> 1.2)
    loofah (2.19.1)
      crass (~> 1.0.2)
      nokogiri (>= 1.5.9)
    mail (2.8.0.1)
      mini_mime (>= 0.1.1)
      net-imap
      net-pop
      net-smtp
    marcel (1.0.2)
    matrix (0.4.2)
    method_source (1.0.0)
    mini_magick (4.12.0)
    mini_mime (1.1.2)
    mini_portile2 (2.8.1)
    minitest (5.17.0)
    msgpack (1.6.0)
    net-imap (0.3.4)
      date
      net-protocol
    net-pop (0.1.2)
      net-protocol
    net-protocol (0.2.1)
      timeout
    net-smtp (0.3.3)
      net-protocol
    nio4r (2.5.8)
    nokogiri (1.14.0)
      mini_portile2 (~> 2.8.0)
      racc (~> 1.4)
    nokogiri (1.14.0-x86_64-linux)
      racc (~> 1.4)
    public_suffix (5.0.1)
    puma (3.12.6)
    racc (1.6.2)
    rack (2.2.6.2)
    rack-proxy (0.7.6)
      rack
    rack-test (2.0.2)
      rack (>= 1.3)
    rails (7.0.0)
      actioncable (= 7.0.0)
      actionmailbox (= 7.0.0)
      actionmailer (= 7.0.0)
      actionpack (= 7.0.0)
      actiontext (= 7.0.0)
      actionview (= 7.0.0)
      activejob (= 7.0.0)
      activemodel (= 7.0.0)
      activerecord (= 7.0.0)
      activestorage (= 7.0.0)
      activesupport (= 7.0.0)
      bundler (>= 1.15.0)
      railties (= 7.0.0)
    rails-dom-testing (2.0.3)
      activesupport (>= 4.2.0)
      nokogiri (>= 1.6)
    rails-html-sanitizer (1.5.0)
      loofah (~> 2.19, >= 2.19.1)
    railties (7.0.0)
      actionpack (= 7.0.0)
      activesupport (= 7.0.0)
      method_source
      rake (>= 12.2)
      thor (~> 1.0)
      zeitwerk (~> 2.5)
    rake (13.0.6)
    rb-fsevent (0.11.2)
    rb-inotify (0.10.1)
      ffi (~> 1.0)
    rdoc (4.3.0)
    regexp_parser (2.6.2)
    rexml (3.2.5)
    ruby-vips (2.1.4)
      ffi (~> 1.12)
    ruby_dep (1.5.0)
    rubyzip (2.3.2)
    sass (3.7.4)
      sass-listen (~> 4.0.0)
    sass-listen (4.0.0)
      rb-fsevent (~> 0.9, >= 0.9.4)
      rb-inotify (~> 0.9, >= 0.9.7)
    sass-rails (5.0.8)
      railties (>= 5.2.0)
      sass (~> 3.1)
      sprockets (>= 2.8, < 4.0)
      sprockets-rails (>= 2.0, < 4.0)
      tilt (>= 1.1, < 3)
    sassc (2.4.0)
      ffi (~> 1.9)
    sdoc (0.4.2)
      json (~> 1.7, >= 1.7.7)
      rdoc (~> 4.0)
    selenium-webdriver (4.8.0)
      rexml (~> 3.2, >= 3.2.5)
      rubyzip (>= 1.2.2, < 3.0)
      websocket (~> 1.0)
    slim (5.0.0)
      temple (~> 0.10.0)
      tilt (>= 2.0.6, < 2.1)
    spring (2.1.1)
    spring-watcher-listen (2.0.1)
      listen (>= 2.7, < 4.0)
      spring (>= 1.2, < 3.0)
    sprockets (3.7.2)
      concurrent-ruby (~> 1.0)
      rack (> 1, < 3)
    sprockets-rails (3.4.2)
      actionpack (>= 5.2)
      activesupport (>= 5.2)
      sprockets (>= 3.0.0)
    sqlite3 (1.6.0)
      mini_portile2 (~> 2.8.0)
    sqlite3 (1.6.0-x86_64-linux)
    temple (0.10.0)
    thor (1.2.1)
    tilt (2.0.11)
    timeout (0.3.1)
    turbolinks (5.2.1)
      turbolinks-source (~> 5.2)
    turbolinks-source (5.2.0)
    tzinfo (2.0.5)
      concurrent-ruby (~> 1.0)
    uglifier (2.5.3)
      execjs (>= 0.3.0)
      json (>= 1.8.0)
    web-console (4.2.0)
      actionview (>= 6.0.0)
      activemodel (>= 6.0.0)
      bindex (>= 0.4.0)
      railties (>= 6.0.0)
    webdrivers (5.2.0)
      nokogiri (~> 1.6)
      rubyzip (>= 1.3.0)
      selenium-webdriver (~> 4.0)
    webpacker (4.3.0)
      activesupport (>= 4.2)
      rack-proxy (>= 0.6.1)
      railties (>= 4.2)
    websocket (1.2.9)
    websocket-driver (0.7.5)
      websocket-extensions (>= 0.1.0)
    websocket-extensions (0.1.5)
    will_paginate (3.3.1)
    xpath (3.2.0)
      nokogiri (~> 1.8)
    zeitwerk (2.6.6)

PLATFORMS
  ruby
  x86_64-linux

DEPENDENCIES
  active_storage_validations
  bcrypt
  bootsnap (>= 1.4.2)
  bootstrap-sass
  bootstrap-will_paginate
  byebug
  capybara (>= 2.15)
  coffee-rails (~> 5.0.0)
  faker
  image_processing
  jbuilder (~> 2.7)
  jquery-rails (~> 4.5.1)
  listen (>= 3.0.5, < 3.2)
  mini_magick
  puma (~> 3.11)
  rails (= 7.0.0)
  sass-rails (~> 5.0.2)
  sdoc (~> 0.4.0)
  selenium-webdriver
  slim
  spring
  spring-watcher-listen (~> 2.0.0)
  sqlite3 (~> 1.4)
  turbolinks (~> 5)
  tzinfo-data
  uglifier (~> 2.5.3)
  web-console (>= 3.3.0)
  webdrivers
  webpacker (~> 4.0)
  will_paginate

RUBY VERSION
   ruby 2.7.5p203

BUNDLED WITH
   2.4.3
